GEM
  remote: https://rubygems.org/
  specs:
    coderay (1.1.2)
    json (2.1.0)
    method_source (0.9.2)
    pry (0.12.2)
      coderay (~> 1.1.0)
      method_source (~> 0.9.0)
    puma (3.12.4)
    rack (2.0.6)

PLATFORMS
  ruby

DEPENDENCIES
  json
  pry
  puma
  rack

BUNDLED WITH
   1.16.6
